GEM
  remote: https://rubygems.org/
  specs:

PLATFORMS
  ruby
  x86_64-linux

DEPENDENCIES

RUBY VERSION
   ruby 3.4.2p28

BUNDLED WITH
   2.7.2
